GEM
  remote: https://rubygems.org/
  specs:
    bcrypt (3.1.13)
    byebug (11.0.1)
    concurrent-ruby (1.1.5)
    daemons (1.3.1)
    eventmachine (1.2.7)
    faker (2.5.0)
      i18n (~> 1.6.0)
    hal_presenter (1.2.1)
    i18n (1.6.0)
      concurrent-ruby (~> 1.0)
    irb (1.0.0)
    minitest (5.12.2)
    minitest-hooks (1.5.0)
      minitest (> 5.3)
    mustermann (1.0.3)
    pg (1.1.4)
    rack (2.0.7)
    rack-protection (2.0.7)
      rack
    rack-test (1.1.0)
      rack (>= 1.0, < 3)
    rake (13.0.0)
    redcarpet (3.5.0)
    sequel (5.25.0)
    shaf (1.3.0)
    sinatra (2.0.7)
      mustermann (~> 1.0)
      rack (~> 2.0)
      rack-protection (= 2.0.7)
      tilt (~> 2.0)
    sinatra-sequel (0.9.0)
      sequel (>= 3.2.0)
      sinatra (>= 0.9.4)
    sqlite3 (1.4.1)
    thin (1.7.2)
      daemons (~> 1.0, >= 1.0.9)
      eventmachine (~> 1.0, >= 1.0.4)
      rack (>= 1, < 3)
    tilt (2.0.10)

PLATFORMS
  ruby

DEPENDENCIES
  bcrypt
  byebug
  faker
  hal_presenter
  irb
  minitest
  minitest-hooks
  pg
  rack-test
  rake
  redcarpet
  sequel
  shaf
  sinatra
  sinatra-sequel
  sqlite3
  thin

RUBY VERSION
   ruby 2.6.1p33

BUNDLED WITH
   2.0.2
