GEM
  remote: https://rubygems.org/
  specs:
    bcrypt (3.1.19)
    bigdecimal (3.1.4)
    byebug (11.1.3)
    concurrent-ruby (1.2.2)
    faker (3.2.1)
      i18n (>= 1.8.11, < 2)
    file_transactions (1.1.4)
    hal_presenter (1.7.0)
    i18n (1.14.1)
      concurrent-ruby (~> 1.0)
    io-console (0.6.0)
    irb (1.8.3)
      rdoc
      reline (>= 0.3.8)
    mini_portile2 (2.8.5)
    minitest (5.20.0)
    minitest-hooks (1.5.1)
      minitest (> 5.3)
    mustermann (3.0.0)
      ruby2_keywords (~> 0.0.1)
    nio4r (2.5.9)
    pg (1.5.4)
    psych (5.1.1.1)
      stringio
    puma (6.4.0)
      nio4r (~> 2.0)
    rack (2.2.8)
    rack-protection (3.1.0)
      rack (~> 2.2, >= 2.2.4)
    rack-test (2.1.0)
      rack (>= 1.3)
    rake (13.1.0)
    rdoc (6.5.0)
      psych (>= 4.0.0)
    redcarpet (3.6.0)
    reline (0.3.9)
      io-console (~> 0.5)
    ruby2_keywords (0.0.5)
    sequel (5.73.0)
      bigdecimal
    shaf (3.0.1)
      file_transactions
    sinatra (3.1.0)
      mustermann (~> 3.0)
      rack (~> 2.2, >= 2.2.4)
      rack-protection (= 3.1.0)
      tilt (~> 2.0)
    sinatra-sequel (0.9.0)
      sequel (>= 3.2.0)
      sinatra (>= 0.9.4)
    sqlite3 (1.6.7)
      mini_portile2 (~> 2.8.0)
    stringio (3.0.8)
    tilt (2.3.0)
    yard (0.9.34)

PLATFORMS
  ruby

DEPENDENCIES
  bcrypt
  byebug
  faker
  hal_presenter
  irb
  minitest
  minitest-hooks
  pg
  puma
  rack-test
  rake
  redcarpet
  sequel
  shaf
  sinatra
  sinatra-sequel
  sqlite3
  yard

RUBY VERSION
   ruby 3.1.0p0

BUNDLED WITH
   2.3.6
