PATH
  remote: /home/sammy/Development/shaf
  specs:
    shaf (2.0.0)
      file_transactions (~> 0.1.2)

GEM
  remote: https://rubygems.org/
  specs:
    bcrypt (3.1.16)
    byebug (11.1.3)
    concurrent-ruby (1.1.8)
    faker (2.15.1)
      i18n (>= 1.6, < 2)
    file_transactions (0.1.3)
    hal_presenter (1.6.0)
    i18n (1.8.8)
      concurrent-ruby (~> 1.0)
    io-console (0.5.7)
    irb (1.3.2)
      reline (>= 0.1.5)
    minitest (5.14.3)
    minitest-hooks (1.5.0)
      minitest (> 5.3)
    mustermann (1.1.1)
      ruby2_keywords (~> 0.0.1)
    nio4r (2.5.5)
    pg (1.2.3)
    puma (5.2.1)
      nio4r (~> 2.0)
    rack (2.2.3)
    rack-protection (2.1.0)
      rack
    rack-test (1.1.0)
      rack (>= 1.0, < 3)
    rake (13.0.3)
    redcarpet (3.5.1)
    reline (0.2.2)
      io-console (~> 0.5)
    ruby2_keywords (0.0.4)
    sequel (5.41.0)
    sinatra (2.1.0)
      mustermann (~> 1.0)
      rack (~> 2.2)
      rack-protection (= 2.1.0)
      tilt (~> 2.0)
    sinatra-sequel (0.9.0)
      sequel (>= 3.2.0)
      sinatra (>= 0.9.4)
    sqlite3 (1.4.2)
    tilt (2.0.10)
    yard (0.9.26)

PLATFORMS
  ruby

DEPENDENCIES
  bcrypt
  byebug
  faker
  hal_presenter
  irb
  minitest
  minitest-hooks
  pg
  puma
  rack-test
  rake
  redcarpet
  sequel
  shaf!
  sinatra
  sinatra-sequel
  sqlite3
  yard

RUBY VERSION
   ruby 2.6.6p146

BUNDLED WITH
   2.0.2
