GEM
  remote: https://rubygems.org/
  specs:
    bcrypt (3.1.13)
    byebug (11.1.2)
    concurrent-ruby (1.1.6)
    faker (2.11.0)
      i18n (>= 1.6, < 2)
    hal_presenter (1.5.1)
    i18n (1.8.2)
      concurrent-ruby (~> 1.0)
    io-console (0.5.6)
    irb (1.2.3)
      reline (>= 0.0.1)
    minitest (5.14.0)
    minitest-hooks (1.5.0)
      minitest (> 5.3)
    mustermann (1.1.1)
      ruby2_keywords (~> 0.0.1)
    nio4r (2.5.2)
    pg (1.2.3)
    puma (4.3.3)
      nio4r (~> 2.0)
    rack (2.2.2)
    rack-protection (2.0.8.1)
      rack
    rack-test (1.1.0)
      rack (>= 1.0, < 3)
    rake (13.0.1)
    redcarpet (3.5.0)
    reline (0.1.3)
      io-console (~> 0.5)
    ruby2_keywords (0.0.2)
    sequel (5.31.0)
    shaf (1.6.0)
    sinatra (2.0.8.1)
      mustermann (~> 1.0)
      rack (~> 2.0)
      rack-protection (= 2.0.8.1)
      tilt (~> 2.0)
    sinatra-sequel (0.9.0)
      sequel (>= 3.2.0)
      sinatra (>= 0.9.4)
    sqlite3 (1.4.2)
    tilt (2.0.10)

PLATFORMS
  ruby

DEPENDENCIES
  bcrypt
  byebug
  faker
  hal_presenter
  irb
  minitest
  minitest-hooks
  pg
  puma
  rack-test
  rake
  redcarpet
  sequel
  shaf
  sinatra
  sinatra-sequel
  sqlite3

RUBY VERSION
   ruby 2.6.6p146

BUNDLED WITH
   2.0.2
