GEM
  remote: https://rubygems.org/
  specs:
    bcrypt (3.1.16)
    byebug (11.1.3)
    concurrent-ruby (1.1.9)
    faker (2.19.0)
      i18n (>= 1.6, < 2)
    file_transactions (1.1.4)
    hal_presenter (1.7.0)
    i18n (1.10.0)
      concurrent-ruby (~> 1.0)
    io-console (0.5.11)
    irb (1.4.1)
      reline (>= 0.3.0)
    minitest (5.15.0)
    minitest-hooks (1.5.0)
      minitest (> 5.3)
    mustermann (1.1.1)
      ruby2_keywords (~> 0.0.1)
    nio4r (2.5.8)
    pg (1.3.2)
    puma (5.6.4)
      nio4r (~> 2.0)
    rack (2.2.6.2)
    rack-protection (2.2.0)
      rack
    rack-test (1.1.0)
      rack (>= 1.0, < 3)
    rake (13.0.6)
    redcarpet (3.5.1)
    reline (0.3.1)
      io-console (~> 0.5)
    ruby2_keywords (0.0.5)
    sequel (5.53.0)
    shaf (3.0.0)
      file_transactions
    sinatra (2.2.0)
      mustermann (~> 1.0)
      rack (~> 2.2)
      rack-protection (= 2.2.0)
      tilt (~> 2.0)
    sinatra-sequel (0.9.0)
      sequel (>= 3.2.0)
      sinatra (>= 0.9.4)
    sqlite3 (1.4.2)
    tilt (2.0.10)
    webrick (1.7.0)
    yard (0.9.27)
      webrick (~> 1.7.0)

PLATFORMS
  ruby

DEPENDENCIES
  bcrypt
  byebug
  faker
  hal_presenter
  irb
  minitest
  minitest-hooks
  pg
  puma
  rack-test
  rake
  redcarpet
  sequel
  shaf
  sinatra
  sinatra-sequel
  sqlite3
  yard

RUBY VERSION
   ruby 3.1.0p0

BUNDLED WITH
   2.3.6
